PATH
  remote: .
  specs:
    ronin-support (0.1.0)
      chars (~> 0.2.0)
      combinatorics (~> 0.3.1)
      data_paths (~> 0.2.1)
      uri-query_params (~> 0.4.0)

GEM
  remote: https://rubygems.org/
  specs:
    chars (0.2.0)
    combinatorics (0.3.1)
    data_paths (0.2.1)
    diff-lcs (1.1.2)
    ore (0.2.1)
      thor (~> 0.14.3)
    ore-tasks (0.1.2)
    rake (0.8.7)
    rdiscount (1.6.5)
    rspec (2.0.0)
      rspec-core (= 2.0.0)
      rspec-expectations (= 2.0.0)
      rspec-mocks (= 2.0.0)
    rspec-core (2.0.0)
    rspec-expectations (2.0.0)
      diff-lcs (>= 1.1.2)
    rspec-mocks (2.0.0)
      rspec-core (= 2.0.0)
      rspec-expectations (= 2.0.0)
    thor (0.14.3)
    uri-query_params (0.4.0)
    yard (0.6.1)

PLATFORMS
  ruby

DEPENDENCIES
  bundler (~> 1.0.0)
  chars (~> 0.2.0)
  combinatorics (~> 0.3.1)
  data_paths (~> 0.2.1)
  ore (~> 0.2.0)
  ore-tasks (~> 0.1.2)
  rake (~> 0.8.7)
  rdiscount (~> 1.6.3)
  ronin-support!
  rspec (~> 2.0.0)
  uri-query_params (~> 0.4.0)
  yard (~> 0.6.1)
