GEM
  remote: https://rubygems.org/
  specs:
    chars (0.1.2)
      yard (>= 0.2.3.5)
    combinatorics (0.1.0)
    data_paths (0.2.1)
    diff-lcs (1.1.2)
    git (1.2.5)
    jeweler (1.5.0.pre3)
      bundler (~> 1.0.0)
      git (>= 1.2.5)
      rake
    rake (0.8.7)
    rdiscount (1.6.5)
    rspec (2.0.0.beta.20)
      rspec-core (= 2.0.0.beta.20)
      rspec-expectations (= 2.0.0.beta.20)
      rspec-mocks (= 2.0.0.beta.20)
    rspec-core (2.0.0.beta.20)
    rspec-expectations (2.0.0.beta.20)
      diff-lcs (>= 1.1.2)
    rspec-mocks (2.0.0.beta.20)
    uri-query_params (0.4.0)
    yard (0.6.0)

PLATFORMS
  ruby

DEPENDENCIES
  chars (~> 0.1.2)
  combinatorics (~> 0.1.0)
  data_paths (~> 0.2.1)
  jeweler (~> 1.5.0.pre)
  rake (~> 0.8.7)
  rdiscount (~> 1.6.3)
  rspec (~> 2.0.0.beta.20)
  uri-query_params (~> 0.4.0)
  yard (~> 0.6.0)
