PATH
  remote: .
  specs:
    ronin-support (0.1.0)
      chars (~> 0.2.0)
      combinatorics (~> 0.3.1)
      data_paths (~> 0.2.1)
      uri-query_params (~> 0.5.1)

GEM
  remote: https://rubygems.org/
  specs:
    bouncy-castle-java (1.5.0145.2)
    chars (0.2.0)
    combinatorics (0.3.1)
    data_paths (0.2.1)
    diff-lcs (1.1.2)
    jruby-openssl (0.7.1)
      bouncy-castle-java
    maruku (0.6.0)
      syntax (>= 1.0.0)
    ore-core (0.1.0)
    ore-tasks (0.2.0)
    rake (0.8.7)
    rdiscount (1.6.5)
    rspec (2.0.1)
      rspec-core (~> 2.0.1)
      rspec-expectations (~> 2.0.1)
      rspec-mocks (~> 2.0.1)
    rspec-core (2.0.1)
    rspec-expectations (2.0.1)
      diff-lcs (>= 1.1.2)
    rspec-mocks (2.0.1)
      rspec-core (~> 2.0.1)
      rspec-expectations (~> 2.0.1)
    syntax (1.0.0)
    uri-query_params (0.5.1)
    yard (0.6.1)

PLATFORMS
  java
  ruby

DEPENDENCIES
  bundler (~> 1.0.0)
  chars (~> 0.2.0)
  combinatorics (~> 0.3.1)
  data_paths (~> 0.2.1)
  jruby-openssl (~> 0.7.0)
  maruku (~> 0.6.0)
  ore-core (~> 0.1.0)
  ore-tasks (~> 0.2.0)
  rake (~> 0.8.7)
  rdiscount (~> 1.6.3)
  ronin-support!
  rspec (~> 2.0.0)
  uri-query_params (~> 0.5.1)
  yard (~> 0.6.1)
