GIT
  remote: http://github.com/technicalpickles/jeweler.git
  revision: 62f2651
  specs:
    jeweler (1.5.0.pre)
      bundler (>= 1.0.0.rc.5)
      git (>= 1.2.5)
      rake

GEM
  remote: https://rubygems.org/
  specs:
    chars (0.1.2)
      yard (>= 0.2.3.5)
    data_paths (0.2.1)
    diff-lcs (1.1.2)
    git (1.2.5)
    rake (0.8.7)
    rdiscount (1.6.5)
    rspec (2.0.0.beta.20)
      rspec-core (= 2.0.0.beta.20)
      rspec-expectations (= 2.0.0.beta.20)
      rspec-mocks (= 2.0.0.beta.20)
    rspec-core (2.0.0.beta.20)
    rspec-expectations (2.0.0.beta.20)
      diff-lcs (>= 1.1.2)
    rspec-mocks (2.0.0.beta.20)
    yard (0.5.8)

PLATFORMS
  ruby

DEPENDENCIES
  bundler (~> 1.0.0)
  chars (~> 0.1.2)
  data_paths (~> 0.2.1)
  jeweler (~> 1.5.0)!
  rake (~> 0.8.7)
  rdiscount (~> 1.6.3)
  rspec (~> 2.0.0.beta.20)
  yard (~> 0.5.3)
